GEM
  remote: https://rubygems.org/
  specs:
    bibtex-ruby (5.1.0)
      latex-decode (~> 0.0)
    latex-decode (0.3.1)

PLATFORMS
  ruby

DEPENDENCIES
  bibtex-ruby

BUNDLED WITH
   1.11.2
