GEM
  remote: https://rubygems.org/
  specs:
    bibtex-ruby (4.3.0)
      latex-decode (~> 0.0)
    latex-decode (0.2.2)
      unicode (~> 0.4)
    unicode (0.4.4.2)

PLATFORMS
  ruby

DEPENDENCIES
  bibtex-ruby

BUNDLED WITH
   1.11.2
